PATH
  remote: .
  specs:
    detector (0.1.0)

GEM
  remote: https://rubygems.org/
  specs:
    rake (10.1.0)

PLATFORMS
  ruby

DEPENDENCIES
  bundler (~> 1.14)
  detector!
  rake (~> 10.0)

RUBY VERSION
   ruby 2.3.1p112

BUNDLED WITH
   1.14.3
